PATH
  remote: .
  specs:
    topsy (0.3.5)
      hashie (~> 1.0.0)
      httparty (>= 0.4.5)

GEM
  remote: http://rubygems.org/
  specs:
    crack (0.1.8)
    fakeweb (1.3.0)
    hashie (1.0.0)
    httparty (0.7.7)
      crack (= 0.1.8)
    jnunemaker-matchy (0.4.0)
    mocha (0.9.10)
      rake
    rake (0.8.7)
    redgreen (1.2.2)
    shoulda (2.11.3)

PLATFORMS
  ruby

DEPENDENCIES
  fakeweb (~> 1.3.0)
  jnunemaker-matchy (~> 0.4.0)
  mocha (~> 0.9.10)
  redgreen (~> 1.2.2)
  shoulda (~> 2.11.3)
  topsy!
