PATH
  remote: .
  specs:
    topsy (0.5.0)
      hashie (~> 1.2.0)
      httparty (>= 0.8.1)

GEM
  remote: http://rubygems.org/
  specs:
    fakeweb (1.3.0)
    hashie (1.2.0)
    httparty (0.8.1)
      multi_json
      multi_xml
    jnunemaker-matchy (0.4.0)
    mocha (0.9.10)
      rake
    multi_json (1.0.4)
    multi_xml (0.4.1)
    rake (0.8.7)
    shoulda (2.11.3)

PLATFORMS
  ruby

DEPENDENCIES
  fakeweb (~> 1.3.0)
  jnunemaker-matchy (~> 0.4.0)
  mocha (~> 0.9.10)
  shoulda (~> 2.11.3)
  topsy!
